ObjectType = Image
NDims = 3
BinaryData = True
BinaryDataByteOrderMSB = False
CompressedData = False
TransformMatrix = 1 0 0 0 1 0 0 0 1
Offset = -20.8000 -46.4534 -56.3184
CenterOfRotation = 0 0 0
ElementSpacing = 0.2000 0.2000 0.2000
DimSize = 477 539 605
AnatomicalOrientation = ???
ElementType = MET_UCHAR
ObjectType = Image
ElementDataFile = pc_1.raw
